{
  "aor": 0.001182991452991453,
  "aqi": 0.007426377161172161,
  "bids_meta": {
    "AcquisitionMatrixPE": 64,
    "AcquisitionNumber": 1,
    "AcquisitionTime": "11:11:11.000000",
    "BandwidthPerPixelPhaseEncode": 19.531,
    "BaseResolution": 64,
    "CogAtlasID": "http://www.cognitiveatlas.org/task/id/tsk_jbg1oF4D9OTkO/",
    "CoilString": "C:HEA;HEP",
    "ConversionSoftware": "dcm2niix",
    "ConversionSoftwareVersion": "v1.0.20190902",
    "DerivedVendorReportedEchoSpacing": 0.00080001,
    "DeviceSerialNumber": "26099",
    "DwellTime": 5.3e-06,
    "EchoTime": 0.0548,
    "EffectiveEchoSpacing": 0.00080001,
    "FlipAngle": 75,
    "ImageType": [
      "ORIGINAL",
      "PRIMARY",
      "M",
      "MB",
      "ND",
      "MOSAIC"
    ],
    "InstitutionAddress": "Bedford_Way_26_London_London_GB_WC1H_0AP",
    "InstitutionName": "University_College",
    "InstitutionalDepartmentName": "Department",
    "MRAcquisitionType": "2D",
    "MagneticFieldStrength": 1.5,
    "Manufacturer": "Siemens",
    "ManufacturersModelName": "Avanto",
    "Modality": "MR",
    "MultibandAccelerationFactor": 4,
    "PartialFourier": 1,
    "PatientPosition": "HFS",
    "PercentPhaseFOV": 100,
    "PhaseEncodingDirection": "j-",
    "PhaseEncodingSteps": 64,
    "PhaseResolution": 1,
    "ProcedureStepDescription": "ucl_bbk_Jeremy",
    "ProtocolName": "EcL4-3.2m-40-1474-1s-55e",
    "ReceiveCoilName": "32Ch_Head",
    "ReconMatrixPE": 64,
    "RepetitionTime": 1,
    "ScanningSequence": "EP",
    "SequenceName": "epfid2d1_64",
    "SequenceVariant": "SK_SS",
    "SeriesDescription": "EcL4-3.2m-40-1474-1s-55e",
    "ShimSetting": [
      113,
      -32,
      365,
      831,
      115,
      1102,
      -476,
      23
    ],
    "SliceThickness": 3.2,
    "SoftwareVersions": "syngo_MR_B17",
    "SpacingBetweenSlices": 3.2,
    "StationName": "MRC26099",
    "TaskName": "500daysofsummer",
    "dataset": "ds002837",
    "global": {
      "const": {
        "AcquisitionMatrix": [
          64,
          0,
          0,
          64
        ],
        "AngioFlag": "N",
        "EchoNumbers": 1,
        "EchoTime": 54.8,
        "EchoTrainLength": 1,
        "FlipAngle": 75.0,
        "ImageType": [
          "ORIGINAL",
          "PRIMARY",
          "M",
          "MB",
          "ND",
          "MOSAIC"
        ],
        "InPlanePhaseEncodingDirection": "COL",
        "MRAcquisitionType": "2D",
        "MagneticFieldStrength": 1.5,
        "Manufacturer": "SIEMENS",
        "ManufacturerModelName": "Avanto",
        "Modality": "MR",
        "NumberOfAverages": 1.0,
        "NumberOfPhaseEncodingSteps": 64,
        "PercentPhaseFieldOfView": 100.0,
        "PercentSampling": 100.0,
        "PhotometricInterpretation": "MONOCHROME2",
        "PixelSpacing": [
          3.203125,
          3.203125
        ],
        "ProtocolName": "EcL4-3.2m-40-1474-1s-55e",
        "RepetitionTime": 1000.0,
        "SamplesPerPixel": 1,
        "ScanOptions": "FS",
        "ScanningSequence": "EP",
        "SequenceName": "epfid2d1_64",
        "SequenceVariant": [
          "SK",
          "SS"
        ],
        "SeriesDescription": "EcL4-3.2m-40-1474-1s-55e",
        "SoftwareVersions": "syngo MR B17",
        "StudyID": "1",
        "TransmitCoilName": "Body",
        "VariableFlipAngleFlag": "N",
        "WindowCenterWidthExplanation": "Algo1",
        "dBdt": 0.0
      },
      "slices": {}
    },
    "modality": "bold",
    "run_id": 1,
    "subject_id": "5",
    "task_id": "500daysofsummer"
  },
  "dummy_trs": 0,
  "dvars_nstd": 22.22600256588703,
  "dvars_std": 1.0169508975083972,
  "dvars_vstd": 0.9848096706595421,
  "efc": 0.4656004514107933,
  "fber": 29131.025390625,
  "fd_mean": 0.11745078154998255,
  "fd_num": 165,
  "fd_perc": 5.0366300366300365,
  "fwhm_avg": 2.8305464671908447,
  "fwhm_x": 2.636186294098191,
  "fwhm_y": 2.917466319429253,
  "fwhm_z": 2.9379867880450914,
  "gcor": 0.099446,
  "gsr_x": 0.008753149770200253,
  "gsr_y": 0.028920140117406845,
  "provenance": {
    "md5sum": "6dce98fdb98176bb96720bf3040ea1eb",
    "settings": {
      "fd_thres": 0.2,
      "testing": false
    },
    "software": "mriqc",
    "version": "21.0.0rc2",
    "webapi_port": null,
    "webapi_url": "https://mriqc.nimh.nih.gov/api/v1"
  },
  "size_t": 3276,
  "size_x": 64,
  "size_y": 64,
  "size_z": 40,
  "snr": 3.327933595904122,
  "spacing_tr": 1.0,
  "spacing_x": 3.2033472061157227,
  "spacing_y": 3.203125238418579,
  "spacing_z": 3.2002220153808594,
  "summary_bg_k": 63.61206028927381,
  "summary_bg_mad": 2.5026833922161695,
  "summary_bg_mean": 13.438884735107422,
  "summary_bg_median": 2.557081937789917,
  "summary_bg_n": 99327.0,
  "summary_bg_p05": 0.4920635223388672,
  "summary_bg_p95": 61.77289466857905,
  "summary_bg_stdv": 34.76858139038086,
  "summary_fg_k": -0.11325161317394716,
  "summary_fg_mad": 135.7936582986411,
  "summary_fg_mean": 445.87249755859375,
  "summary_fg_median": 431.8011474609375,
  "summary_fg_n": 29582.0,
  "summary_fg_p05": 258.48437652587893,
  "summary_fg_p95": 675.5658874511719,
  "summary_fg_stdv": 129.7483367919922,
  "tsnr": 34.94413447100669
}