{
  "aor": 0.0013214910921766074,
  "aqi": 0.0038920647676219987,
  "bids_meta": {
    "AcquisitionMatrixPE": 64,
    "AcquisitionNumber": 1,
    "AcquisitionTime": "11:11:11.000000",
    "BandwidthPerPixelPhaseEncode": 19.531,
    "BaseResolution": 64,
    "CogAtlasID": "http://www.cognitiveatlas.org/task/id/tsk_jbg1oF4D9OTkO/",
    "CoilString": "C:HEA;HEP",
    "ConversionSoftware": "dcm2niix",
    "ConversionSoftwareVersion": "v1.0.20190902",
    "DerivedVendorReportedEchoSpacing": 0.00080001,
    "DeviceSerialNumber": "26099",
    "DwellTime": 5.3e-06,
    "EchoTime": 0.0548,
    "EffectiveEchoSpacing": 0.00080001,
    "FlipAngle": 75,
    "ImageType": [
      "ORIGINAL",
      "PRIMARY",
      "M",
      "MB",
      "ND",
      "MOSAIC"
    ],
    "InstitutionAddress": "Bedford_Way_26_London_London_GB_WC1H_0AP",
    "InstitutionName": "University_College",
    "InstitutionalDepartmentName": "Department",
    "MRAcquisitionType": "2D",
    "MagneticFieldStrength": 1.5,
    "Manufacturer": "Siemens",
    "ManufacturersModelName": "Avanto",
    "Modality": "MR",
    "MultibandAccelerationFactor": 4,
    "PartialFourier": 1,
    "PatientPosition": "HFS",
    "PercentPhaseFOV": 100,
    "PhaseEncodingDirection": "j-",
    "PhaseEncodingSteps": 64,
    "PhaseResolution": 1,
    "ProcedureStepDescription": "ucl_bbk_Jeremy",
    "ProtocolName": "EcL4-3.2m-40-1474-1s-55e",
    "ReceiveCoilName": "32Ch_Head",
    "ReconMatrixPE": 64,
    "RepetitionTime": 1,
    "ScanningSequence": "EP",
    "SequenceName": "epfid2d1_64",
    "SequenceVariant": "SK_SS",
    "SeriesDescription": "EcL4-3.2m-40-1474-1s-55e",
    "ShimSetting": [
      113,
      -32,
      365,
      831,
      115,
      1102,
      -476,
      23
    ],
    "SliceThickness": 3.2,
    "SoftwareVersions": "syngo_MR_B17",
    "SpacingBetweenSlices": 3.2,
    "StationName": "MRC26099",
    "TaskName": "500daysofsummer",
    "dataset": "ds002837",
    "global": {
      "const": {
        "AcquisitionMatrix": [
          64,
          0,
          0,
          64
        ],
        "AngioFlag": "N",
        "EchoNumbers": 1,
        "EchoTime": 54.8,
        "EchoTrainLength": 1,
        "FlipAngle": 75.0,
        "ImageType": [
          "ORIGINAL",
          "PRIMARY",
          "M",
          "MB",
          "ND",
          "MOSAIC"
        ],
        "InPlanePhaseEncodingDirection": "COL",
        "MRAcquisitionType": "2D",
        "MagneticFieldStrength": 1.5,
        "Manufacturer": "SIEMENS",
        "ManufacturerModelName": "Avanto",
        "Modality": "MR",
        "NumberOfAverages": 1.0,
        "NumberOfPhaseEncodingSteps": 64,
        "PercentPhaseFieldOfView": 100.0,
        "PercentSampling": 100.0,
        "PhotometricInterpretation": "MONOCHROME2",
        "PixelSpacing": [
          3.203125,
          3.203125
        ],
        "ProtocolName": "EcL4-3.2m-40-1474-1s-55e",
        "RepetitionTime": 1000.0,
        "SamplesPerPixel": 1,
        "ScanOptions": "FS",
        "ScanningSequence": "EP",
        "SequenceName": "epfid2d1_64",
        "SequenceVariant": [
          "SK",
          "SS"
        ],
        "SeriesDescription": "EcL4-3.2m-40-1474-1s-55e",
        "SoftwareVersions": "syngo MR B17",
        "StudyID": "1",
        "TransmitCoilName": "Body",
        "VariableFlipAngleFlag": "N",
        "WindowCenterWidthExplanation": "Algo1",
        "dBdt": 0.0
      },
      "slices": {}
    },
    "modality": "bold",
    "run_id": 4,
    "subject_id": "28",
    "task_id": "citizenfour"
  },
  "dummy_trs": 0,
  "dvars_nstd": 21.708035857431224,
  "dvars_std": 1.0798214196319253,
  "dvars_vstd": 1.0125767504106933,
  "efc": 0.45655740682434476,
  "fber": 34727.80078125,
  "fd_mean": 0.09411979321500333,
  "fd_num": 100,
  "fd_perc": 3.8729666924864445,
  "fwhm_avg": 2.9989150647452743,
  "fwhm_x": 2.8904679024390245,
  "fwhm_y": 3.051105234694353,
  "fwhm_z": 3.055172057102445,
  "gcor": 0.0133226,
  "gsr_x": 0.009741627611219883,
  "gsr_y": 0.01686893403530121,
  "provenance": {
    "md5sum": "accdfc338a6a49f12141863d6c9244af",
    "settings": {
      "fd_thres": 0.2,
      "testing": false
    },
    "software": "mriqc",
    "version": "21.0.0rc2",
    "webapi_port": null,
    "webapi_url": "https://mriqc.nimh.nih.gov/api/v1"
  },
  "size_t": 2582,
  "size_x": 64,
  "size_y": 64,
  "size_z": 40,
  "snr": 3.043468304641883,
  "spacing_tr": 1.0,
  "spacing_x": 3.203125,
  "spacing_y": 3.203124523162842,
  "spacing_z": 3.1999998092651367,
  "summary_bg_k": 43.601697234666624,
  "summary_bg_mad": 2.5018193105656414,
  "summary_bg_mean": 15.884894371032715,
  "summary_bg_median": 2.6219983100891113,
  "summary_bg_n": 101115.0,
  "summary_bg_p05": 0.6462819337844852,
  "summary_bg_p95": 82.7193252563476,
  "summary_bg_stdv": 37.230743408203125,
  "summary_fg_k": 0.009345919222664367,
  "summary_fg_mad": 162.3035886042286,
  "summary_fg_mean": 512.5519409179688,
  "summary_fg_median": 487.3594055175781,
  "summary_fg_n": 28405.0,
  "summary_fg_p05": 297.18427734375,
  "summary_fg_p95": 811.821435546875,
  "summary_fg_stdv": 160.1300811767578,
  "tsnr": 51.88259479403496
}