{
  "aor": 0.0006666439290586629,
  "aqi": 0.0037558834242837655,
  "bids_meta": {
    "AcquisitionMatrixPE": 64,
    "AcquisitionNumber": 1,
    "AcquisitionTime": "11:11:11.000000",
    "BandwidthPerPixelPhaseEncode": 19.531,
    "BaseResolution": 64,
    "CogAtlasID": "http://www.cognitiveatlas.org/task/id/tsk_jbg1oF4D9OTkO/",
    "CoilString": "C:HEA;HEP",
    "ConversionSoftware": "dcm2niix",
    "ConversionSoftwareVersion": "v1.0.20190902",
    "DerivedVendorReportedEchoSpacing": 0.00080001,
    "DeviceSerialNumber": "26099",
    "DwellTime": 5.3e-06,
    "EchoTime": 0.0548,
    "EffectiveEchoSpacing": 0.00080001,
    "FlipAngle": 75,
    "ImageType": [
      "ORIGINAL",
      "PRIMARY",
      "M",
      "MB",
      "ND",
      "MOSAIC"
    ],
    "InstitutionAddress": "Bedford_Way_26_London_London_GB_WC1H_0AP",
    "InstitutionName": "University_College",
    "InstitutionalDepartmentName": "Department",
    "MRAcquisitionType": "2D",
    "MagneticFieldStrength": 1.5,
    "Manufacturer": "Siemens",
    "ManufacturersModelName": "Avanto",
    "Modality": "MR",
    "MultibandAccelerationFactor": 4,
    "PartialFourier": 1,
    "PatientPosition": "HFS",
    "PercentPhaseFOV": 100,
    "PhaseEncodingDirection": "j-",
    "PhaseEncodingSteps": 64,
    "PhaseResolution": 1,
    "ProcedureStepDescription": "ucl_bbk_Jeremy",
    "ProtocolName": "EcL4-3.2m-40-1474-1s-55e",
    "ReceiveCoilName": "32Ch_Head",
    "ReconMatrixPE": 64,
    "RepetitionTime": 1,
    "ScanningSequence": "EP",
    "SequenceName": "epfid2d1_64",
    "SequenceVariant": "SK_SS",
    "SeriesDescription": "EcL4-3.2m-40-1474-1s-55e",
    "ShimSetting": [
      113,
      -32,
      365,
      831,
      115,
      1102,
      -476,
      23
    ],
    "SliceThickness": 3.2,
    "SoftwareVersions": "syngo_MR_B17",
    "SpacingBetweenSlices": 3.2,
    "StationName": "MRC26099",
    "TaskName": "500daysofsummer",
    "dataset": "ds002837",
    "global": {
      "const": {
        "AcquisitionMatrix": [
          64,
          0,
          0,
          64
        ],
        "AngioFlag": "N",
        "EchoNumbers": 1,
        "EchoTime": 54.8,
        "EchoTrainLength": 1,
        "FlipAngle": 75.0,
        "ImageType": [
          "ORIGINAL",
          "PRIMARY",
          "M",
          "MB",
          "ND",
          "MOSAIC"
        ],
        "InPlanePhaseEncodingDirection": "COL",
        "MRAcquisitionType": "2D",
        "MagneticFieldStrength": 1.5,
        "Manufacturer": "SIEMENS",
        "ManufacturerModelName": "Avanto",
        "Modality": "MR",
        "NumberOfAverages": 1.0,
        "NumberOfPhaseEncodingSteps": 64,
        "PercentPhaseFieldOfView": 100.0,
        "PercentSampling": 100.0,
        "PhotometricInterpretation": "MONOCHROME2",
        "PixelSpacing": [
          3.203125,
          3.203125
        ],
        "ProtocolName": "EcL4-3.2m-40-1474-1s-55e",
        "RepetitionTime": 1000.0,
        "SamplesPerPixel": 1,
        "ScanOptions": "FS",
        "ScanningSequence": "EP",
        "SequenceName": "epfid2d1_64",
        "SequenceVariant": [
          "SK",
          "SS"
        ],
        "SeriesDescription": "EcL4-3.2m-40-1474-1s-55e",
        "SoftwareVersions": "syngo MR B17",
        "StudyID": "1",
        "TransmitCoilName": "Body",
        "VariableFlipAngleFlag": "N",
        "WindowCenterWidthExplanation": "Algo1",
        "dBdt": 0.0
      },
      "slices": {}
    },
    "modality": "bold",
    "run_id": 3,
    "subject_id": "28",
    "task_id": "citizenfour"
  },
  "dummy_trs": 0,
  "dvars_nstd": 21.870347182035516,
  "dvars_std": 1.051966539494535,
  "dvars_vstd": 0.9722400754371595,
  "efc": 0.45552210898149853,
  "fber": 37785.28125,
  "fd_mean": 0.07147581939371621,
  "fd_num": 1,
  "fd_perc": 0.1364256480218281,
  "fwhm_avg": 3.05704052038201,
  "fwhm_x": 2.901766243902439,
  "fwhm_y": 3.1248238798149117,
  "fwhm_z": 3.1445314374286792,
  "gcor": 0.0101102,
  "gsr_x": 0.008057261817157269,
  "gsr_y": 0.018223701044917107,
  "provenance": {
    "md5sum": "37b4b429355087de6bc38f8e527a9a15",
    "settings": {
      "fd_thres": 0.2,
      "testing": false
    },
    "software": "mriqc",
    "version": "21.0.0rc2",
    "webapi_port": null,
    "webapi_url": "https://mriqc.nimh.nih.gov/api/v1"
  },
  "size_t": 733,
  "size_x": 64,
  "size_y": 64,
  "size_z": 40,
  "snr": 3.0631624887128943,
  "spacing_tr": 1.0,
  "spacing_x": 3.203125,
  "spacing_y": 3.203124523162842,
  "spacing_z": 3.1999998092651367,
  "summary_bg_k": 44.38479705872096,
  "summary_bg_mad": 2.2107559958255965,
  "summary_bg_mean": 15.361494064331055,
  "summary_bg_median": 2.504774808883667,
  "summary_bg_n": 101159.0,
  "summary_bg_p05": 0.7926329970359802,
  "summary_bg_p95": 80.67094345092752,
  "summary_bg_stdv": 36.201454162597656,
  "summary_fg_k": 0.002039504728456265,
  "summary_fg_mad": 161.17383286402548,
  "summary_fg_mean": 512.3510131835938,
  "summary_fg_median": 487.62890625,
  "summary_fg_n": 28364.0,
  "summary_fg_p05": 298.15458221435546,
  "summary_fg_p95": 811.4213562011718,
  "summary_fg_stdv": 159.1885223388672,
  "tsnr": 55.34183592349291
}