{
  "aor": 0.000289289067739772,
  "aqi": 0.00559181395036888,
  "bids_meta": {
    "AcquisitionMatrixPE": 64,
    "AcquisitionNumber": 1,
    "AcquisitionTime": "11:11:11.000000",
    "BandwidthPerPixelPhaseEncode": 19.531,
    "BaseResolution": 64,
    "CogAtlasID": "http://www.cognitiveatlas.org/task/id/tsk_jbg1oF4D9OTkO/",
    "CoilString": "C:HEA;HEP",
    "ConversionSoftware": "dcm2niix",
    "ConversionSoftwareVersion": "v1.0.20190902",
    "DerivedVendorReportedEchoSpacing": 0.00080001,
    "DeviceSerialNumber": "26099",
    "DwellTime": 5.3e-06,
    "EchoTime": 0.0548,
    "EffectiveEchoSpacing": 0.00080001,
    "FlipAngle": 75,
    "ImageComments": "Unaliased_MB4_PE3_LB_SENSE1",
    "ImageType": [
      "ORIGINAL",
      "PRIMARY",
      "M",
      "MB",
      "ND",
      "MOSAIC"
    ],
    "InPlanePhaseEncodingDirectionDICOM": "COL",
    "InstitutionAddress": "Bedford_Way_26_London_London_GB_WC1H_0AP",
    "InstitutionName": "University_College",
    "InstitutionalDepartmentName": "Department",
    "MRAcquisitionType": "2D",
    "MagneticFieldStrength": 1.5,
    "Manufacturer": "Siemens",
    "ManufacturersModelName": "Avanto",
    "Modality": "MR",
    "MultibandAccelerationFactor": 4,
    "PartialFourier": 1,
    "PatientPosition": "HFS",
    "PercentPhaseFOV": 100,
    "PhaseEncodingDirection": "j-",
    "PhaseEncodingSteps": 64,
    "PhaseResolution": 1,
    "PixelBandwidth": 1474,
    "ProcedureStepDescription": "ucl_bbk_Jeremy",
    "ProtocolName": "EcL4-3.2m-40-1474-1s-55e",
    "PulseSequenceDetails": "%CustomerSeq%_cmrr_mbep2d_bold",
    "ReceiveCoilName": "32Ch_Head",
    "ReconMatrixPE": 64,
    "RepetitionTime": 1,
    "ScanOptions": "FS",
    "ScanningSequence": "EP",
    "SequenceName": "epfid2d1_64",
    "SequenceVariant": "SK_SS",
    "SeriesDescription": "EcL4-3.2m-40-1474-1s-55e",
    "ShimSetting": [
      113,
      -32,
      365,
      831,
      115,
      1102,
      -476,
      23
    ],
    "SliceThickness": 3.2,
    "SoftwareVersions": "syngo_MR_B17",
    "SpacingBetweenSlices": 3.2,
    "StationName": "MRC26099",
    "TaskName": "littlemisssunshine",
    "TotalReadoutTime": 0.0504006,
    "dataset": "ds002837",
    "dcmmeta_reorient_transform": [
      [
        0.0,
        -1.0,
        0.0,
        63.0
      ],
      [
        1.0,
        0.0,
        0.0,
        0.0
      ],
      [
        0.0,
        0.0,
        1.0,
        0.0
      ],
      [
        0.0,
        0.0,
        0.0,
        1.0
      ]
    ],
    "dcmmeta_slice_dim": 2,
    "dcmmeta_version": 0.6,
    "global": {
      "const": {
        "AcquisitionMatrix": [
          64,
          0,
          0,
          64
        ],
        "AngioFlag": "N",
        "EchoNumbers": 1,
        "EchoTime": 54.8,
        "EchoTrainLength": 1,
        "FlipAngle": 75.0,
        "ImageType": [
          "ORIGINAL",
          "PRIMARY",
          "M",
          "MB",
          "ND",
          "MOSAIC"
        ],
        "InPlanePhaseEncodingDirection": "COL",
        "MRAcquisitionType": "2D",
        "MagneticFieldStrength": 1.5,
        "Manufacturer": "SIEMENS",
        "ManufacturerModelName": "Avanto",
        "Modality": "MR",
        "NumberOfAverages": 1.0,
        "NumberOfPhaseEncodingSteps": 64,
        "PercentPhaseFieldOfView": 100.0,
        "PercentSampling": 100.0,
        "PhotometricInterpretation": "MONOCHROME2",
        "PixelSpacing": [
          3.203125,
          3.203125
        ],
        "ProtocolName": "EcL4-3.2m-40-1474-1s-55e",
        "RepetitionTime": 1000.0,
        "SamplesPerPixel": 1,
        "ScanOptions": "FS",
        "ScanningSequence": "EP",
        "SequenceName": "epfid2d1_64",
        "SequenceVariant": [
          "SK",
          "SS"
        ],
        "SeriesDescription": "EcL4-3.2m-40-1474-1s-55e",
        "SoftwareVersions": "syngo MR B17",
        "StudyID": "1",
        "TransmitCoilName": "Body",
        "VariableFlipAngleFlag": "N",
        "WindowCenterWidthExplanation": "Algo1",
        "dBdt": 0.0
      },
      "slices": {}
    },
    "modality": "bold",
    "run_id": 3,
    "subject_id": "80",
    "task_id": "littlemisssunshine"
  },
  "dummy_trs": 12,
  "dvars_nstd": 20.785865800369002,
  "dvars_std": 0.9898361277155329,
  "dvars_vstd": 0.9693617767125124,
  "efc": 0.4988651151489765,
  "fber": 22921.181640625,
  "fd_mean": 0.11637601485530646,
  "fd_num": 305,
  "fd_perc": 10.2280348759222,
  "fwhm_avg": 2.9459758696234526,
  "fwhm_x": 2.867815024390244,
  "fwhm_y": 3.0462688780487808,
  "fwhm_z": 2.923843706431333,
  "gcor": 0.0314633,
  "gsr_x": -0.008056738413870335,
  "gsr_y": 0.043382108211517334,
  "provenance": {
    "md5sum": "520dfe7c6f5cefec2f4c19608a2466e4",
    "settings": {
      "fd_thres": 0.2,
      "testing": false
    },
    "software": "mriqc",
    "version": "21.0.0rc2",
    "webapi_port": null,
    "webapi_url": "https://mriqc.nimh.nih.gov/api/v1"
  },
  "size_t": 2982,
  "size_x": 64,
  "size_y": 64,
  "size_z": 40,
  "snr": 3.0191621991276514,
  "spacing_tr": 1.0,
  "spacing_x": 3.203125,
  "spacing_y": 3.203125,
  "spacing_z": 3.200000047683716,
  "summary_bg_k": 18.0033334072528,
  "summary_bg_mad": 2.832456292372185,
  "summary_bg_mean": 19.365375518798828,
  "summary_bg_median": 2.8333332538604736,
  "summary_bg_n": 95025.0,
  "summary_bg_p05": 0.703554630279541,
  "summary_bg_p95": 102.23748779296878,
  "summary_bg_stdv": 38.96962356567383,
  "summary_fg_k": 0.34029502849043824,
  "summary_fg_mad": 151.5376649933181,
  "summary_fg_mean": 472.5826721191406,
  "summary_fg_median": 456.1294250488281,
  "summary_fg_n": 33377.0,
  "summary_fg_p05": 255.70690002441407,
  "summary_fg_p95": 740.2672973632812,
  "summary_fg_stdv": 151.0758819580078,
  "tsnr": 43.1743971335236
}