{
  "aor": 0.0004604030534351145,
  "aqi": 0.005649304064122137,
  "bids_meta": {
    "AcquisitionMatrixPE": 64,
    "AcquisitionNumber": 1,
    "AcquisitionTime": "11:11:11.000000",
    "BandwidthPerPixelPhaseEncode": 19.531,
    "BaseResolution": 64,
    "CogAtlasID": "http://www.cognitiveatlas.org/task/id/tsk_jbg1oF4D9OTkO/",
    "CoilString": "C:HEA;HEP",
    "ConversionSoftware": "dcm2niix",
    "ConversionSoftwareVersion": "v1.0.20190902",
    "DerivedVendorReportedEchoSpacing": 0.00080001,
    "DeviceSerialNumber": "26099",
    "DwellTime": 5.3e-06,
    "EchoTime": 0.0548,
    "EffectiveEchoSpacing": 0.00080001,
    "FlipAngle": 75,
    "ImageType": [
      "ORIGINAL",
      "PRIMARY",
      "M",
      "MB",
      "ND",
      "MOSAIC"
    ],
    "InstitutionAddress": "Bedford_Way_26_London_London_GB_WC1H_0AP",
    "InstitutionName": "University_College",
    "InstitutionalDepartmentName": "Department",
    "MRAcquisitionType": "2D",
    "MagneticFieldStrength": 1.5,
    "Manufacturer": "Siemens",
    "ManufacturersModelName": "Avanto",
    "Modality": "MR",
    "MultibandAccelerationFactor": 4,
    "PartialFourier": 1,
    "PatientPosition": "HFS",
    "PercentPhaseFOV": 100,
    "PhaseEncodingDirection": "j-",
    "PhaseEncodingSteps": 64,
    "PhaseResolution": 1,
    "ProcedureStepDescription": "ucl_bbk_Jeremy",
    "ProtocolName": "EcL4-3.2m-40-1474-1s-55e",
    "ReceiveCoilName": "32Ch_Head",
    "ReconMatrixPE": 64,
    "RepetitionTime": 1,
    "ScanningSequence": "EP",
    "SequenceName": "epfid2d1_64",
    "SequenceVariant": "SK_SS",
    "SeriesDescription": "EcL4-3.2m-40-1474-1s-55e",
    "ShimSetting": [
      113,
      -32,
      365,
      831,
      115,
      1102,
      -476,
      23
    ],
    "SliceThickness": 3.2,
    "SoftwareVersions": "syngo_MR_B17",
    "SpacingBetweenSlices": 3.2,
    "StationName": "MRC26099",
    "TaskName": "500daysofsummer",
    "dataset": "ds002837",
    "global": {
      "const": {
        "AcquisitionMatrix": [
          64,
          0,
          0,
          64
        ],
        "AngioFlag": "N",
        "EchoNumbers": 1,
        "EchoTime": 54.8,
        "EchoTrainLength": 1,
        "FlipAngle": 75.0,
        "ImageType": [
          "ORIGINAL",
          "PRIMARY",
          "M",
          "MB",
          "ND",
          "MOSAIC"
        ],
        "InPlanePhaseEncodingDirection": "COL",
        "MRAcquisitionType": "2D",
        "MagneticFieldStrength": 1.5,
        "Manufacturer": "SIEMENS",
        "ManufacturerModelName": "Avanto",
        "Modality": "MR",
        "NumberOfAverages": 1.0,
        "NumberOfPhaseEncodingSteps": 64,
        "PercentPhaseFieldOfView": 100.0,
        "PercentSampling": 100.0,
        "PhotometricInterpretation": "MONOCHROME2",
        "PixelSpacing": [
          3.203125,
          3.203125
        ],
        "ProtocolName": "EcL4-3.2m-40-1474-1s-55e",
        "RepetitionTime": 1000.0,
        "SamplesPerPixel": 1,
        "ScanOptions": "FS",
        "ScanningSequence": "EP",
        "SequenceName": "epfid2d1_64",
        "SequenceVariant": [
          "SK",
          "SS"
        ],
        "SeriesDescription": "EcL4-3.2m-40-1474-1s-55e",
        "SoftwareVersions": "syngo MR B17",
        "StudyID": "1",
        "TransmitCoilName": "Body",
        "VariableFlipAngleFlag": "N",
        "WindowCenterWidthExplanation": "Algo1",
        "dBdt": 0.0
      },
      "slices": {}
    },
    "modality": "bold",
    "run_id": 1,
    "subject_id": "4",
    "task_id": "500daysofsummer"
  },
  "dummy_trs": 0,
  "dvars_nstd": 23.71603961332619,
  "dvars_std": 1.012034581001833,
  "dvars_vstd": 0.9742825622510698,
  "efc": 0.5278622459138167,
  "fber": 11604.6787109375,
  "fd_mean": 0.13606410723633372,
  "fd_num": 588,
  "fd_perc": 17.954198473282442,
  "fwhm_avg": 2.926066836133293,
  "fwhm_x": 2.7031539512195124,
  "fwhm_y": 3.034343024390244,
  "fwhm_z": 3.0407035327901215,
  "gcor": 0.0315737,
  "gsr_x": 0.00889409240335226,
  "gsr_y": 0.04394864663481712,
  "provenance": {
    "md5sum": "57876abff58c7c96da06610e41135aeb",
    "settings": {
      "fd_thres": 0.2,
      "testing": false
    },
    "software": "mriqc",
    "version": "21.0.0rc2",
    "webapi_port": null,
    "webapi_url": "https://mriqc.nimh.nih.gov/api/v1"
  },
  "size_t": 3275,
  "size_x": 64,
  "size_y": 64,
  "size_z": 40,
  "snr": 3.131553654830044,
  "spacing_tr": 1.0,
  "spacing_x": 3.203125,
  "spacing_y": 3.203125,
  "spacing_z": 3.1999995708465576,
  "summary_bg_k": 11.85856920224941,
  "summary_bg_mad": 4.401178059580572,
  "summary_bg_mean": 25.269840240478516,
  "summary_bg_median": 3.9767937660217285,
  "summary_bg_n": 91611.0,
  "summary_bg_p05": 0.7490076422691345,
  "summary_bg_p95": 133.05999755859375,
  "summary_bg_stdv": 48.40031433105469,
  "summary_fg_k": -0.12477494788834109,
  "summary_fg_mad": 142.70715985466086,
  "summary_fg_mean": 463.1820373535156,
  "summary_fg_median": 443.03924560546875,
  "summary_fg_n": 35404.0,
  "summary_fg_p05": 264.5163879394531,
  "summary_fg_p95": 722.6380676269531,
  "summary_fg_stdv": 141.47386169433594,
  "tsnr": 41.86479607864749
}