{
  "aor": 0.002383096745027125,
  "aqi": 0.009896025669077758,
  "bids_meta": {
    "AcquisitionMatrixPE": 64,
    "AcquisitionNumber": 1,
    "AcquisitionTime": "11:11:11.000000",
    "BandwidthPerPixelPhaseEncode": 19.531,
    "BaseResolution": 64,
    "CogAtlasID": "http://www.cognitiveatlas.org/task/id/tsk_jbg1oF4D9OTkO/",
    "CoilString": "C:HEA;HEP",
    "ConversionSoftware": "dcm2niix",
    "ConversionSoftwareVersion": "v1.0.20190902",
    "DerivedVendorReportedEchoSpacing": 0.00080001,
    "DeviceSerialNumber": "26099",
    "DwellTime": 5.3e-06,
    "EchoTime": 0.0548,
    "EffectiveEchoSpacing": 0.00080001,
    "FlipAngle": 75,
    "ImageType": [
      "ORIGINAL",
      "PRIMARY",
      "M",
      "MB",
      "ND",
      "MOSAIC"
    ],
    "InstitutionAddress": "Bedford_Way_26_London_London_GB_WC1H_0AP",
    "InstitutionName": "University_College",
    "InstitutionalDepartmentName": "Department",
    "MRAcquisitionType": "2D",
    "MagneticFieldStrength": 1.5,
    "Manufacturer": "Siemens",
    "ManufacturersModelName": "Avanto",
    "Modality": "MR",
    "MultibandAccelerationFactor": 4,
    "PartialFourier": 1,
    "PatientPosition": "HFS",
    "PercentPhaseFOV": 100,
    "PhaseEncodingDirection": "j-",
    "PhaseEncodingSteps": 64,
    "PhaseResolution": 1,
    "ProcedureStepDescription": "ucl_bbk_Jeremy",
    "ProtocolName": "EcL4-3.2m-40-1474-1s-55e",
    "ReceiveCoilName": "32Ch_Head",
    "ReconMatrixPE": 64,
    "RepetitionTime": 1,
    "ScanningSequence": "EP",
    "SequenceName": "epfid2d1_64",
    "SequenceVariant": "SK_SS",
    "SeriesDescription": "EcL4-3.2m-40-1474-1s-55e",
    "ShimSetting": [
      113,
      -32,
      365,
      831,
      115,
      1102,
      -476,
      23
    ],
    "SliceThickness": 3.2,
    "SoftwareVersions": "syngo_MR_B17",
    "SpacingBetweenSlices": 3.2,
    "StationName": "MRC26099",
    "TaskName": "500daysofsummer",
    "dataset": "ds002837",
    "global": {
      "const": {
        "AcquisitionMatrix": [
          64,
          0,
          0,
          64
        ],
        "AngioFlag": "N",
        "EchoNumbers": 1,
        "EchoTime": 54.8,
        "EchoTrainLength": 1,
        "FlipAngle": 75.0,
        "ImageType": [
          "ORIGINAL",
          "PRIMARY",
          "M",
          "MB",
          "ND",
          "MOSAIC"
        ],
        "InPlanePhaseEncodingDirection": "COL",
        "MRAcquisitionType": "2D",
        "MagneticFieldStrength": 1.5,
        "Manufacturer": "SIEMENS",
        "ManufacturerModelName": "Avanto",
        "Modality": "MR",
        "NumberOfAverages": 1.0,
        "NumberOfPhaseEncodingSteps": 64,
        "PercentPhaseFieldOfView": 100.0,
        "PercentSampling": 100.0,
        "PhotometricInterpretation": "MONOCHROME2",
        "PixelSpacing": [
          3.203125,
          3.203125
        ],
        "ProtocolName": "EcL4-3.2m-40-1474-1s-55e",
        "RepetitionTime": 1000.0,
        "SamplesPerPixel": 1,
        "ScanOptions": "FS",
        "ScanningSequence": "EP",
        "SequenceName": "epfid2d1_64",
        "SequenceVariant": [
          "SK",
          "SS"
        ],
        "SeriesDescription": "EcL4-3.2m-40-1474-1s-55e",
        "SoftwareVersions": "syngo MR B17",
        "StudyID": "1",
        "TransmitCoilName": "Body",
        "VariableFlipAngleFlag": "N",
        "WindowCenterWidthExplanation": "Algo1",
        "dBdt": 0.0
      },
      "slices": {}
    },
    "modality": "bold",
    "run_id": 3,
    "subject_id": "11",
    "task_id": "500daysofsummer"
  },
  "dummy_trs": 0,
  "dvars_nstd": 35.643535522677524,
  "dvars_std": 1.0216976831071898,
  "dvars_vstd": 0.970698362645861,
  "efc": 0.4787793624343096,
  "fber": 9899.2333984375,
  "fd_mean": 0.4073662371233102,
  "fd_num": 1757,
  "fd_perc": 79.43037974683544,
  "fwhm_avg": 3.053071416189105,
  "fwhm_x": 2.8248163902439023,
  "fwhm_y": 3.054960162853694,
  "fwhm_z": 3.279437695469719,
  "gcor": 0.0529686,
  "gsr_x": 0.011025016196072102,
  "gsr_y": 0.02802719920873642,
  "provenance": {
    "md5sum": "e7d607caa06a1c054149616bf740d9d7",
    "settings": {
      "fd_thres": 0.2,
      "testing": false
    },
    "software": "mriqc",
    "version": "21.0.0rc2",
    "webapi_port": null,
    "webapi_url": "https://mriqc.nimh.nih.gov/api/v1"
  },
  "size_t": 2212,
  "size_x": 64,
  "size_y": 64,
  "size_z": 40,
  "snr": 3.026437560078675,
  "spacing_tr": 1.0,
  "spacing_x": 3.203125,
  "spacing_y": 3.203125238418579,
  "spacing_z": 3.1999998092651367,
  "summary_bg_k": 26.27639628449455,
  "summary_bg_mad": 4.089890921763213,
  "summary_bg_mean": 15.988921165466309,
  "summary_bg_median": 3.797468423843384,
  "summary_bg_n": 99990.0,
  "summary_bg_p05": 0.7744123339653015,
  "summary_bg_p95": 73.8044784545898,
  "summary_bg_stdv": 31.60179901123047,
  "summary_fg_k": 0.4300620688324721,
  "summary_fg_mad": 114.90099325274868,
  "summary_fg_mean": 393.9015197753906,
  "summary_fg_median": 374.9715270996094,
  "summary_fg_n": 29873.0,
  "summary_fg_p05": 227.70172729492188,
  "summary_fg_p95": 635.157775878906,
  "summary_fg_stdv": 123.89657592773438,
  "tsnr": 31.09511934220791
}