{
  "aor": 0.001243127962085308,
  "aqi": 0.004799478470486858,
  "bids_meta": {
    "AcquisitionMatrixPE": 64,
    "AcquisitionNumber": 1,
    "AcquisitionTime": "11:11:11.000000",
    "BandwidthPerPixelPhaseEncode": 19.531,
    "BaseResolution": 64,
    "CogAtlasID": "http://www.cognitiveatlas.org/task/id/tsk_jbg1oF4D9OTkO/",
    "CoilString": "C:HEA;HEP",
    "ConversionSoftware": "dcm2niix",
    "ConversionSoftwareVersion": "v1.0.20190902",
    "DerivedVendorReportedEchoSpacing": 0.00080001,
    "DeviceSerialNumber": "26099",
    "DwellTime": 5.3e-06,
    "EchoTime": 0.0548,
    "EffectiveEchoSpacing": 0.00080001,
    "FlipAngle": 75,
    "ImageType": [
      "ORIGINAL",
      "PRIMARY",
      "M",
      "MB",
      "ND",
      "MOSAIC"
    ],
    "InstitutionAddress": "Bedford_Way_26_London_London_GB_WC1H_0AP",
    "InstitutionName": "University_College",
    "InstitutionalDepartmentName": "Department",
    "MRAcquisitionType": "2D",
    "MagneticFieldStrength": 1.5,
    "Manufacturer": "Siemens",
    "ManufacturersModelName": "Avanto",
    "Modality": "MR",
    "MultibandAccelerationFactor": 4,
    "PartialFourier": 1,
    "PatientPosition": "HFS",
    "PercentPhaseFOV": 100,
    "PhaseEncodingDirection": "j-",
    "PhaseEncodingSteps": 64,
    "PhaseResolution": 1,
    "ProcedureStepDescription": "ucl_bbk_Jeremy",
    "ProtocolName": "EcL4-3.2m-40-1474-1s-55e",
    "ReceiveCoilName": "32Ch_Head",
    "ReconMatrixPE": 64,
    "RepetitionTime": 1,
    "ScanningSequence": "EP",
    "SequenceName": "epfid2d1_64",
    "SequenceVariant": "SK_SS",
    "SeriesDescription": "EcL4-3.2m-40-1474-1s-55e",
    "ShimSetting": [
      113,
      -32,
      365,
      831,
      115,
      1102,
      -476,
      23
    ],
    "SliceThickness": 3.2,
    "SoftwareVersions": "syngo_MR_B17",
    "SpacingBetweenSlices": 3.2,
    "StationName": "MRC26099",
    "TaskName": "12yearsaslave",
    "dataset": "ds002837",
    "global": {
      "const": {
        "AcquisitionMatrix": [
          64,
          0,
          0,
          64
        ],
        "AngioFlag": "N",
        "EchoNumbers": 1,
        "EchoTime": 54.8,
        "EchoTrainLength": 1,
        "FlipAngle": 75.0,
        "ImageType": [
          "ORIGINAL",
          "PRIMARY",
          "M",
          "MB",
          "ND",
          "MOSAIC"
        ],
        "InPlanePhaseEncodingDirection": "COL",
        "MRAcquisitionType": "2D",
        "MagneticFieldStrength": 1.5,
        "Manufacturer": "SIEMENS",
        "ManufacturerModelName": "Avanto",
        "Modality": "MR",
        "NumberOfAverages": 1.0,
        "NumberOfPhaseEncodingSteps": 64,
        "PercentPhaseFieldOfView": 100.0,
        "PercentSampling": 100.0,
        "PhotometricInterpretation": "MONOCHROME2",
        "PixelSpacing": [
          3.203125,
          3.203125
        ],
        "ProtocolName": "EcL4-3.2m-40-1474-1s-55e",
        "RepetitionTime": 1000.0,
        "SamplesPerPixel": 1,
        "ScanOptions": "FS",
        "ScanningSequence": "EP",
        "SequenceName": "epfid2d1_64",
        "SequenceVariant": [
          "SK",
          "SS"
        ],
        "SeriesDescription": "EcL4-3.2m-40-1474-1s-55e",
        "SoftwareVersions": "syngo MR B17",
        "StudyID": "1",
        "TransmitCoilName": "Body",
        "VariableFlipAngleFlag": "N",
        "WindowCenterWidthExplanation": "Algo1",
        "dBdt": 0.0
      },
      "slices": {}
    },
    "modality": "bold",
    "run_id": 2,
    "subject_id": "83",
    "task_id": "12yearsaslave"
  },
  "dummy_trs": 1,
  "dvars_nstd": 24.26963237077154,
  "dvars_std": 1.0861742359008604,
  "dvars_vstd": 1.01931946575,
  "efc": 0.4447987462066196,
  "fber": 40548.62109375,
  "fd_mean": 0.1743783602940268,
  "fd_num": 831,
  "fd_perc": 35.80353295993106,
  "fwhm_avg": 2.960284620832025,
  "fwhm_x": 2.773066926829268,
  "fwhm_y": 3.0439648780487802,
  "fwhm_z": 3.0638220576180255,
  "gcor": 0.0356669,
  "gsr_x": -0.002084782812744379,
  "gsr_y": 0.023737909272313118,
  "provenance": {
    "md5sum": "936abff954c2e91fe9422ad095e46251",
    "settings": {
      "fd_thres": 0.2,
      "testing": false
    },
    "software": "mriqc",
    "version": "21.0.0rc2",
    "webapi_port": null,
    "webapi_url": "https://mriqc.nimh.nih.gov/api/v1"
  },
  "size_t": 2321,
  "size_x": 64,
  "size_y": 64,
  "size_z": 40,
  "snr": 3.045956424137148,
  "spacing_tr": 1.0,
  "spacing_x": 3.203125,
  "spacing_y": 3.203125,
  "spacing_z": 3.1999998092651367,
  "summary_bg_k": 47.43221622435672,
  "summary_bg_mad": 1.7112844584081497,
  "summary_bg_mean": 12.185937881469727,
  "summary_bg_median": 2.1520895957946777,
  "summary_bg_n": 103211.0,
  "summary_bg_p05": 0.8035329580307007,
  "summary_bg_p95": 59.97328758239746,
  "summary_bg_stdv": 29.5972900390625,
  "summary_fg_k": 0.49151158361872405,
  "summary_fg_mad": 139.24355439415268,
  "summary_fg_mean": 456.7892761230469,
  "summary_fg_median": 436.14068603515625,
  "summary_fg_n": 27172.0,
  "summary_fg_p05": 266.8736236572266,
  "summary_fg_p95": 730.5654388427733,
  "summary_fg_stdv": 143.18414306640625,
  "tsnr": 45.58843951160088
}