{
  "aor": 0.0014854114605773372,
  "aqi": 0.005585801400258509,
  "bids_meta": {
    "AcquisitionMatrixPE": 64,
    "AcquisitionNumber": 1,
    "AcquisitionTime": "11:11:11.000000",
    "BandwidthPerPixelPhaseEncode": 19.531,
    "BaseResolution": 64,
    "CogAtlasID": "http://www.cognitiveatlas.org/task/id/tsk_jbg1oF4D9OTkO/",
    "CoilString": "C:HEA;HEP",
    "ConversionSoftware": "dcm2niix",
    "ConversionSoftwareVersion": "v1.0.20190902",
    "DerivedVendorReportedEchoSpacing": 0.00080001,
    "DeviceSerialNumber": "26099",
    "DwellTime": 5.3e-06,
    "EchoTime": 0.0548,
    "EffectiveEchoSpacing": 0.00080001,
    "FlipAngle": 75,
    "ImageType": [
      "ORIGINAL",
      "PRIMARY",
      "M",
      "MB",
      "ND",
      "MOSAIC"
    ],
    "InstitutionAddress": "Bedford_Way_26_London_London_GB_WC1H_0AP",
    "InstitutionName": "University_College",
    "InstitutionalDepartmentName": "Department",
    "MRAcquisitionType": "2D",
    "MagneticFieldStrength": 1.5,
    "Manufacturer": "Siemens",
    "ManufacturersModelName": "Avanto",
    "Modality": "MR",
    "MultibandAccelerationFactor": 4,
    "PartialFourier": 1,
    "PatientPosition": "HFS",
    "PercentPhaseFOV": 100,
    "PhaseEncodingDirection": "j-",
    "PhaseEncodingSteps": 64,
    "PhaseResolution": 1,
    "ProcedureStepDescription": "ucl_bbk_Jeremy",
    "ProtocolName": "EcL4-3.2m-40-1474-1s-55e",
    "ReceiveCoilName": "32Ch_Head",
    "ReconMatrixPE": 64,
    "RepetitionTime": 1,
    "ScanningSequence": "EP",
    "SequenceName": "epfid2d1_64",
    "SequenceVariant": "SK_SS",
    "SeriesDescription": "EcL4-3.2m-40-1474-1s-55e",
    "ShimSetting": [
      113,
      -32,
      365,
      831,
      115,
      1102,
      -476,
      23
    ],
    "SliceThickness": 3.2,
    "SoftwareVersions": "syngo_MR_B17",
    "SpacingBetweenSlices": 3.2,
    "StationName": "MRC26099",
    "TaskName": "12yearsaslave",
    "dataset": "ds002837",
    "global": {
      "const": {
        "AcquisitionMatrix": [
          64,
          0,
          0,
          64
        ],
        "AngioFlag": "N",
        "EchoNumbers": 1,
        "EchoTime": 54.8,
        "EchoTrainLength": 1,
        "FlipAngle": 75.0,
        "ImageType": [
          "ORIGINAL",
          "PRIMARY",
          "M",
          "MB",
          "ND",
          "MOSAIC"
        ],
        "InPlanePhaseEncodingDirection": "COL",
        "MRAcquisitionType": "2D",
        "MagneticFieldStrength": 1.5,
        "Manufacturer": "SIEMENS",
        "ManufacturerModelName": "Avanto",
        "Modality": "MR",
        "NumberOfAverages": 1.0,
        "NumberOfPhaseEncodingSteps": 64,
        "PercentPhaseFieldOfView": 100.0,
        "PercentSampling": 100.0,
        "PhotometricInterpretation": "MONOCHROME2",
        "PixelSpacing": [
          3.203125,
          3.203125
        ],
        "ProtocolName": "EcL4-3.2m-40-1474-1s-55e",
        "RepetitionTime": 1000.0,
        "SamplesPerPixel": 1,
        "ScanOptions": "FS",
        "ScanningSequence": "EP",
        "SequenceName": "epfid2d1_64",
        "SequenceVariant": [
          "SK",
          "SS"
        ],
        "SeriesDescription": "EcL4-3.2m-40-1474-1s-55e",
        "SoftwareVersions": "syngo MR B17",
        "StudyID": "1",
        "TransmitCoilName": "Body",
        "VariableFlipAngleFlag": "N",
        "WindowCenterWidthExplanation": "Algo1",
        "dBdt": 0.0
      },
      "slices": {}
    },
    "modality": "bold",
    "run_id": 2,
    "subject_id": "86",
    "task_id": "12yearsaslave"
  },
  "dummy_trs": 1,
  "dvars_nstd": 24.221826800840525,
  "dvars_std": 1.0856717430905143,
  "dvars_vstd": 1.0161873372198271,
  "efc": 0.5271009310121555,
  "fber": 13172.296875,
  "fd_mean": 0.11437676705228689,
  "fd_num": 156,
  "fd_perc": 6.721240844463593,
  "fwhm_avg": 2.9324543140995942,
  "fwhm_x": 2.7366212682926827,
  "fwhm_y": 3.006879219512195,
  "fwhm_z": 3.0538624544939035,
  "gcor": 0.0224786,
  "gsr_x": -0.002760042669251561,
  "gsr_y": 0.04105808585882187,
  "provenance": {
    "md5sum": "749fc7ecaaa42aead13e858a6849e6d1",
    "settings": {
      "fd_thres": 0.2,
      "testing": false
    },
    "software": "mriqc",
    "version": "21.0.0rc2",
    "webapi_port": null,
    "webapi_url": "https://mriqc.nimh.nih.gov/api/v1"
  },
  "size_t": 2321,
  "size_x": 64,
  "size_y": 64,
  "size_z": 40,
  "snr": 3.0756776506087466,
  "spacing_tr": 1.0,
  "spacing_x": 3.203125,
  "spacing_y": 3.203125,
  "spacing_z": 3.200000047683716,
  "summary_bg_k": 17.447602092506337,
  "summary_bg_mad": 3.6186735641163508,
  "summary_bg_mean": 21.93680191040039,
  "summary_bg_median": 3.5376992225646973,
  "summary_bg_n": 90740.0,
  "summary_bg_p05": 0.8392718762159347,
  "summary_bg_p95": 122.48472480773925,
  "summary_bg_stdv": 45.51804733276367,
  "summary_fg_k": 0.24619142345221556,
  "summary_fg_mad": 134.67089297722333,
  "summary_fg_mean": 449.942138671875,
  "summary_fg_median": 428.67987060546875,
  "summary_fg_n": 36390.0,
  "summary_fg_p05": 261.47054595947264,
  "summary_fg_p95": 718.5073974609373,
  "summary_fg_stdv": 139.37545776367188,
  "tsnr": 43.39776349486783
}