{
  "aor": 0.02109,
  "aqi": 0.0015936669230769232,
  "bids_meta": {
    "AcquisitionMatrixPE": 64,
    "AcquisitionNumber": 1,
    "AcquisitionTime": "18:11:52.135000",
    "BandwidthPerPixelPhaseEncode": 19.531,
    "BaseResolution": 64,
    "CogAtlasID": "http://www.cognitiveatlas.org/task/id/tsk_jbg1oF4D9OTkO/",
    "CoilString": "C:HEA;HEP",
    "ConversionSoftware": "dcm2niix",
    "ConversionSoftwareVersion": "v1.0.20190902",
    "DerivedVendorReportedEchoSpacing": 0.00080001,
    "DeviceSerialNumber": "26099",
    "DwellTime": 5.3e-06,
    "EchoTime": 0.0548,
    "EffectiveEchoSpacing": 0.00080001,
    "FlipAngle": 75,
    "ImageComments": "Unaliased_MB4_PE3_LB_SENSE1",
    "ImageOrientationPatientDICOM": [
      1,
      2e-16,
      0,
      -2e-16,
      0.969016,
      -0.246999
    ],
    "ImageType": [
      "ORIGINAL",
      "PRIMARY",
      "M",
      "MB",
      "ND",
      "MOSAIC"
    ],
    "ImagingFrequency": 63.6393,
    "InPlanePhaseEncodingDirectionDICOM": "COL",
    "InstitutionAddress": "Bedford_Way_26_London_London_GB_WC1H_0AP",
    "InstitutionName": "University_College",
    "InstitutionalDepartmentName": "Department",
    "MRAcquisitionType": "2D",
    "MagneticFieldStrength": 1.5,
    "Manufacturer": "Siemens",
    "ManufacturersModelName": "Avanto",
    "Modality": "MR",
    "MultibandAccelerationFactor": 4,
    "PartialFourier": 1,
    "PatientPosition": "HFS",
    "PercentPhaseFOV": 100,
    "PhaseEncodingDirection": "j-",
    "PhaseEncodingSteps": 64,
    "PhaseResolution": 1,
    "PixelBandwidth": 1474,
    "ProcedureStepDescription": "ucl_bbk_Jeremy",
    "ProtocolName": "EcL4-3.2m-40-1474-1s-55e",
    "PulseSequenceDetails": "%CustomerSeq%_cmrr_mbep2d_bold",
    "ReceiveCoilName": "32Ch_Head",
    "ReconMatrixPE": 64,
    "RepetitionTime": 1,
    "SAR": 0.0359564,
    "ScanOptions": "FS",
    "ScanningSequence": "EP",
    "SequenceName": "epfid2d1_64",
    "SequenceVariant": "SK_SS",
    "SeriesDescription": "EcL4-3.2m-40-1474-1s-55e",
    "SeriesNumber": 7,
    "ShimSetting": [
      159,
      -86,
      332,
      1082,
      -237,
      421,
      201,
      120
    ],
    "SliceThickness": 3.2,
    "SliceTiming": [
      0,
      0.7025,
      0.4025,
      0.1025,
      0.805,
      0.5025,
      0.2025,
      0.905,
      0.6025,
      0.3025,
      0,
      0.7025,
      0.4025,
      0.1025,
      0.805,
      0.5025,
      0.2025,
      0.905,
      0.6025,
      0.3025,
      0,
      0.7025,
      0.4025,
      0.1025,
      0.805,
      0.5025,
      0.2025,
      0.905,
      0.6025,
      0.3025,
      0,
      0.7025,
      0.4025,
      0.1025,
      0.805,
      0.5025,
      0.2025,
      0.905,
      0.6025,
      0.3025
    ],
    "SoftwareVersions": "syngo_MR_B17",
    "SpacingBetweenSlices": 3.2,
    "StationName": "MRC26099",
    "TaskName": "pulpfiction",
    "TotalReadoutTime": 0.0504006,
    "TxRefAmp": 212.601,
    "dataset": "ds002837",
    "dcmmeta_affine": [
      [
        -3.203125,
        -6.40624994052057e-16,
        1.5807936343101612e-16,
        102.5
      ],
      [
        -6.40624994052057e-16,
        3.1038784980773926,
        -0.7903968095779419,
        -80.95277404785156
      ],
      [
        0.0,
        0.7911686897277832,
        3.1008503437042236,
        -62.1840934753418
      ],
      [
        0.0,
        0.0,
        0.0,
        1.0
      ]
    ],
    "dcmmeta_reorient_transform": [
      [
        0.0,
        -1.0,
        0.0,
        63.0
      ],
      [
        1.0,
        0.0,
        0.0,
        0.0
      ],
      [
        0.0,
        0.0,
        1.0,
        0.0
      ],
      [
        0.0,
        0.0,
        0.0,
        1.0
      ]
    ],
    "dcmmeta_shape": [
      64,
      64,
      40,
      13
    ],
    "dcmmeta_slice_dim": 2,
    "dcmmeta_version": 0.6,
    "global": {
      "const": {
        "AcquisitionMatrix": [
          64,
          0,
          0,
          64
        ],
        "AngioFlag": "N",
        "BitsAllocated": 16,
        "BitsStored": 12,
        "Columns": 448,
        "EchoNumbers": 1,
        "EchoTime": 54.8,
        "EchoTrainLength": 1,
        "FlipAngle": 75.0,
        "HighBit": 11,
        "ImageOrientationPatient": [
          1.0,
          2e-16,
          0.0,
          -2e-16,
          0.96901573474031,
          -0.2469989996451
        ],
        "ImagePositionPatient": [
          -717.5,
          -710.53624954556,
          139.56391862843
        ],
        "ImageType": [
          "ORIGINAL",
          "PRIMARY",
          "M",
          "MB",
          "ND",
          "MOSAIC"
        ],
        "ImagedNucleus": "1H",
        "ImagingFrequency": 63.639346,
        "InPlanePhaseEncodingDirection": "COL",
        "MRAcquisitionType": "2D",
        "MagneticFieldStrength": 1.5,
        "Manufacturer": "SIEMENS",
        "ManufacturerModelName": "Avanto",
        "Modality": "MR",
        "NumberOfAverages": 1.0,
        "NumberOfPhaseEncodingSteps": 64,
        "PercentPhaseFieldOfView": 100.0,
        "PercentSampling": 100.0,
        "PerformedProcedureStepStartTime": "171947.765000",
        "PhotometricInterpretation": "MONOCHROME2",
        "PixelBandwidth": 1474.0,
        "PixelRepresentation": 0,
        "PixelSpacing": [
          3.203125,
          3.203125
        ],
        "ProtocolName": "EcL4-3.2m-40-1474-1s-55e",
        "RepetitionTime": 1000.0,
        "Rows": 448,
        "SAR": 0.03595638979943,
        "SamplesPerPixel": 1,
        "ScanOptions": "FS",
        "ScanningSequence": "EP",
        "SequenceName": "epfid2d1_64",
        "SequenceVariant": [
          "SK",
          "SS"
        ],
        "SeriesDescription": "EcL4-3.2m-40-1474-1s-55e",
        "SeriesNumber": 7,
        "SeriesTime": "181219.859000",
        "SliceLocation": -40.262109696383,
        "SliceThickness": 3.2000000476837,
        "SmallestImagePixelValue": 0,
        "SoftwareVersions": "syngo MR B17",
        "SpacingBetweenSlices": 3.199999984436,
        "SpecificCharacterSet": "ISO_IR 100",
        "StudyID": "1",
        "StudyTime": "171947.718000",
        "TransmitCoilName": "Body",
        "VariableFlipAngleFlag": "N",
        "WindowCenterWidthExplanation": "Algo1",
        "dBdt": 0.0
      },
      "slices": {}
    },
    "modality": "bold",
    "run_id": 3,
    "subject_id": "47",
    "task_id": "pulpfiction",
    "time": {
      "samples": {
        "AcquisitionNumber": [
          1,
          2,
          3,
          4,
          5,
          6,
          7,
          8,
          9,
          10,
          11,
          12,
          13
        ],
        "AcquisitionTime": [
          "181152.135000",
          "181153.140000",
          "181154.145000",
          "181155.147500",
          "181156.152500",
          "181157.155000",
          "181158.160000",
          "181159.165000",
          "181200.167500",
          "181201.172500",
          "181202.177500",
          "181203.180000",
          "181204.185000"
        ],
        "ContentTime": [
          "181219.859000",
          "181219.859000",
          "181219.859000",
          "181219.859000",
          "181219.859000",
          "181219.875000",
          "181219.875000",
          "181219.875000",
          "181219.875000",
          "181219.890000",
          "181219.890000",
          "181219.890000",
          "181219.890000"
        ],
        "InstanceCreationTime": [
          "181219.859000",
          "181219.859000",
          "181219.859000",
          "181219.859000",
          "181219.859000",
          "181219.875000",
          "181219.875000",
          "181219.875000",
          "181219.875000",
          "181219.890000",
          "181219.890000",
          "181219.890000",
          "181219.890000"
        ],
        "InstanceNumber": [
          1,
          2,
          3,
          4,
          5,
          6,
          7,
          8,
          9,
          10,
          11,
          12,
          13
        ],
        "LargestImagePixelValue": [
          1266,
          1260,
          1248,
          1236,
          1241,
          1242,
          1255,
          1236,
          1232,
          1233,
          1255,
          1247,
          1232
        ],
        "WindowCenter": [
          524.0,
          524.0,
          523.0,
          524.0,
          524.0,
          524.0,
          524.0,
          524.0,
          525.0,
          525.0,
          525.0,
          527.0,
          526.0
        ],
        "WindowWidth": [
          1108.0,
          1107.0,
          1105.0,
          1107.0,
          1106.0,
          1105.0,
          1106.0,
          1106.0,
          1107.0,
          1108.0,
          1108.0,
          1112.0,
          1111.0
        ]
      },
      "slices": {}
    }
  },
  "dummy_trs": 0,
  "dvars_nstd": 22.08677435,
  "dvars_std": 1.16173162,
  "dvars_vstd": 1.2055775733333334,
  "efc": 0.4516021033251922,
  "fber": 37654.19140625,
  "fd_mean": 0.10846807304448536,
  "fd_num": 0,
  "fd_perc": 0.0,
  "fwhm_avg": 2.839556198870325,
  "fwhm_x": 2.676345756097561,
  "fwhm_y": 2.9141666341463415,
  "fwhm_z": 2.9281562063670727,
  "gcor": 0.019683,
  "gsr_x": 0.008749138563871384,
  "gsr_y": 0.01210417877882719,
  "provenance": {
    "md5sum": "ed62a1ebffd5ef447224b409834f0e97",
    "settings": {
      "fd_thres": 0.2,
      "testing": false
    },
    "software": "mriqc",
    "version": "21.0.0rc2",
    "webapi_port": null,
    "webapi_url": "https://mriqc.nimh.nih.gov/api/v1"
  },
  "size_t": 13,
  "size_x": 64,
  "size_y": 64,
  "size_z": 40,
  "snr": 3.3274452146714513,
  "spacing_tr": 1.0,
  "spacing_x": 3.203125,
  "spacing_y": 3.203125,
  "spacing_z": 3.200000047683716,
  "summary_bg_k": 37.37523765507426,
  "summary_bg_mad": 2.2809267075347193,
  "summary_bg_mean": 11.792832374572754,
  "summary_bg_median": 2.538461685180664,
  "summary_bg_n": 100693.0,
  "summary_bg_p05": 0.692307710647583,
  "summary_bg_p95": 57.230770111083984,
  "summary_bg_stdv": 27.279098510742188,
  "summary_fg_k": 0.08147081937064193,
  "summary_fg_mad": 146.4355189431471,
  "summary_fg_mean": 503.64892578125,
  "summary_fg_median": 483.3077087402344,
  "summary_fg_n": 28508.0,
  "summary_fg_p05": 302.25770111083983,
  "summary_fg_p95": 769.4346313476561,
  "summary_fg_stdv": 145.246337890625,
  "tsnr": 76.20321325957775
}