{
  "aor": 0.0011415377657168703,
  "aqi": 0.004531071393034826,
  "bids_meta": {
    "AcquisitionMatrixPE": 64,
    "AcquisitionNumber": 1,
    "AcquisitionTime": "11:11:11.000000",
    "BandwidthPerPixelPhaseEncode": 19.531,
    "BaseResolution": 64,
    "CogAtlasID": "http://www.cognitiveatlas.org/task/id/tsk_jbg1oF4D9OTkO/",
    "CoilString": "C:HEA;HEP",
    "ConversionSoftware": "dcm2niix",
    "ConversionSoftwareVersion": "v1.0.20190902",
    "DerivedVendorReportedEchoSpacing": 0.00080001,
    "DeviceSerialNumber": "26099",
    "DwellTime": 5.3e-06,
    "EchoTime": 0.0548,
    "EffectiveEchoSpacing": 0.00080001,
    "FlipAngle": 75,
    "ImageType": [
      "ORIGINAL",
      "PRIMARY",
      "M",
      "MB",
      "ND",
      "MOSAIC"
    ],
    "InstitutionAddress": "Bedford_Way_26_London_London_GB_WC1H_0AP",
    "InstitutionName": "University_College",
    "InstitutionalDepartmentName": "Department",
    "MRAcquisitionType": "2D",
    "MagneticFieldStrength": 1.5,
    "Manufacturer": "Siemens",
    "ManufacturersModelName": "Avanto",
    "Modality": "MR",
    "MultibandAccelerationFactor": 4,
    "PartialFourier": 1,
    "PatientPosition": "HFS",
    "PercentPhaseFOV": 100,
    "PhaseEncodingDirection": "j-",
    "PhaseEncodingSteps": 64,
    "PhaseResolution": 1,
    "ProcedureStepDescription": "ucl_bbk_Jeremy",
    "ProtocolName": "EcL4-3.2m-40-1474-1s-55e",
    "ReceiveCoilName": "32Ch_Head",
    "ReconMatrixPE": 64,
    "RepetitionTime": 1,
    "ScanningSequence": "EP",
    "SequenceName": "epfid2d1_64",
    "SequenceVariant": "SK_SS",
    "SeriesDescription": "EcL4-3.2m-40-1474-1s-55e",
    "ShimSetting": [
      113,
      -32,
      365,
      831,
      115,
      1102,
      -476,
      23
    ],
    "SliceThickness": 3.2,
    "SoftwareVersions": "syngo_MR_B17",
    "SpacingBetweenSlices": 3.2,
    "StationName": "MRC26099",
    "TaskName": "500daysofsummer",
    "dataset": "ds002837",
    "global": {
      "const": {
        "AcquisitionMatrix": [
          64,
          0,
          0,
          64
        ],
        "AngioFlag": "N",
        "EchoNumbers": 1,
        "EchoTime": 54.8,
        "EchoTrainLength": 1,
        "FlipAngle": 75.0,
        "ImageType": [
          "ORIGINAL",
          "PRIMARY",
          "M",
          "MB",
          "ND",
          "MOSAIC"
        ],
        "InPlanePhaseEncodingDirection": "COL",
        "MRAcquisitionType": "2D",
        "MagneticFieldStrength": 1.5,
        "Manufacturer": "SIEMENS",
        "ManufacturerModelName": "Avanto",
        "Modality": "MR",
        "NumberOfAverages": 1.0,
        "NumberOfPhaseEncodingSteps": 64,
        "PercentPhaseFieldOfView": 100.0,
        "PercentSampling": 100.0,
        "PhotometricInterpretation": "MONOCHROME2",
        "PixelSpacing": [
          3.203125,
          3.203125
        ],
        "ProtocolName": "EcL4-3.2m-40-1474-1s-55e",
        "RepetitionTime": 1000.0,
        "SamplesPerPixel": 1,
        "ScanOptions": "FS",
        "ScanningSequence": "EP",
        "SequenceName": "epfid2d1_64",
        "SequenceVariant": [
          "SK",
          "SS"
        ],
        "SeriesDescription": "EcL4-3.2m-40-1474-1s-55e",
        "SoftwareVersions": "syngo MR B17",
        "StudyID": "1",
        "TransmitCoilName": "Body",
        "VariableFlipAngleFlag": "N",
        "WindowCenterWidthExplanation": "Algo1",
        "dBdt": 0.0
      },
      "slices": {}
    },
    "modality": "bold",
    "run_id": 2,
    "subject_id": "6",
    "task_id": "500daysofsummer"
  },
  "dummy_trs": 1,
  "dvars_nstd": 26.385784185398197,
  "dvars_std": 1.086072443972852,
  "dvars_vstd": 1.023599529235295,
  "efc": 0.5220643469118226,
  "fber": 17889.419921875,
  "fd_mean": 0.20198565100561422,
  "fd_num": 1036,
  "fd_perc": 46.856625961103575,
  "fwhm_avg": 2.802259507436967,
  "fwhm_x": 2.649843512195122,
  "fwhm_y": 2.8886886052580003,
  "fwhm_z": 2.868246404857778,
  "gcor": 0.0148076,
  "gsr_x": 0.0014490102184936404,
  "gsr_y": 0.04419742152094841,
  "provenance": {
    "md5sum": "1896c16faf730d7f9697e91008eec62b",
    "settings": {
      "fd_thres": 0.2,
      "testing": false
    },
    "software": "mriqc",
    "version": "21.0.0rc2",
    "webapi_port": null,
    "webapi_url": "https://mriqc.nimh.nih.gov/api/v1"
  },
  "size_t": 2211,
  "size_x": 64,
  "size_y": 64,
  "size_z": 40,
  "snr": 3.1292446342392637,
  "spacing_tr": 1.0,
  "spacing_x": 3.203125,
  "spacing_y": 3.203124761581421,
  "spacing_z": 3.200000524520874,
  "summary_bg_k": 19.972722706536935,
  "summary_bg_mad": 3.2216926441529923,
  "summary_bg_mean": 24.171178817749023,
  "summary_bg_median": 3.1042513847351074,
  "summary_bg_n": 92932.0,
  "summary_bg_p05": 0.6589778065681458,
  "summary_bg_p95": 127.9063304901123,
  "summary_bg_stdv": 50.19705581665039,
  "summary_fg_k": -0.020947900241361506,
  "summary_fg_mad": 143.46739617596336,
  "summary_fg_mean": 448.9360656738281,
  "summary_fg_median": 432.5872802734375,
  "summary_fg_n": 34804.0,
  "summary_fg_p05": 253.9266571044922,
  "summary_fg_p95": 698.7368438720703,
  "summary_fg_stdv": 138.23817443847656,
  "tsnr": 46.80931306630373
}