{
  "aor": 0.0007470287288469107,
  "aqi": 0.0053937359779614325,
  "bids_meta": {
    "AcquisitionMatrixPE": 64,
    "AcquisitionNumber": 1,
    "AcquisitionTime": "11:11:11.000000",
    "BandwidthPerPixelPhaseEncode": 19.531,
    "BaseResolution": 64,
    "CogAtlasID": "http://www.cognitiveatlas.org/task/id/tsk_jbg1oF4D9OTkO/",
    "CoilString": "C:HEA;HEP",
    "ConversionSoftware": "dcm2niix",
    "ConversionSoftwareVersion": "v1.0.20190902",
    "DerivedVendorReportedEchoSpacing": 0.00080001,
    "DeviceSerialNumber": "26099",
    "DwellTime": 5.3e-06,
    "EchoTime": 0.0548,
    "EffectiveEchoSpacing": 0.00080001,
    "FlipAngle": 75,
    "ImageType": [
      "ORIGINAL",
      "PRIMARY",
      "M",
      "MB",
      "ND",
      "MOSAIC"
    ],
    "InstitutionAddress": "Bedford_Way_26_London_London_GB_WC1H_0AP",
    "InstitutionName": "University_College",
    "InstitutionalDepartmentName": "Department",
    "MRAcquisitionType": "2D",
    "MagneticFieldStrength": 1.5,
    "Manufacturer": "Siemens",
    "ManufacturersModelName": "Avanto",
    "Modality": "MR",
    "MultibandAccelerationFactor": 4,
    "PartialFourier": 1,
    "PatientPosition": "HFS",
    "PercentPhaseFOV": 100,
    "PhaseEncodingDirection": "j-",
    "PhaseEncodingSteps": 64,
    "PhaseResolution": 1,
    "ProcedureStepDescription": "ucl_bbk_Jeremy",
    "ProtocolName": "EcL4-3.2m-40-1474-1s-55e",
    "ReceiveCoilName": "32Ch_Head",
    "ReconMatrixPE": 64,
    "RepetitionTime": 1,
    "ScanningSequence": "EP",
    "SequenceName": "epfid2d1_64",
    "SequenceVariant": "SK_SS",
    "SeriesDescription": "EcL4-3.2m-40-1474-1s-55e",
    "ShimSetting": [
      113,
      -32,
      365,
      831,
      115,
      1102,
      -476,
      23
    ],
    "SliceThickness": 3.2,
    "SoftwareVersions": "syngo_MR_B17",
    "SpacingBetweenSlices": 3.2,
    "StationName": "MRC26099",
    "TaskName": "500daysofsummer",
    "dataset": "ds002837",
    "global": {
      "const": {
        "AcquisitionMatrix": [
          64,
          0,
          0,
          64
        ],
        "AngioFlag": "N",
        "EchoNumbers": 1,
        "EchoTime": 54.8,
        "EchoTrainLength": 1,
        "FlipAngle": 75.0,
        "ImageType": [
          "ORIGINAL",
          "PRIMARY",
          "M",
          "MB",
          "ND",
          "MOSAIC"
        ],
        "InPlanePhaseEncodingDirection": "COL",
        "MRAcquisitionType": "2D",
        "MagneticFieldStrength": 1.5,
        "Manufacturer": "SIEMENS",
        "ManufacturerModelName": "Avanto",
        "Modality": "MR",
        "NumberOfAverages": 1.0,
        "NumberOfPhaseEncodingSteps": 64,
        "PercentPhaseFieldOfView": 100.0,
        "PercentSampling": 100.0,
        "PhotometricInterpretation": "MONOCHROME2",
        "PixelSpacing": [
          3.203125,
          3.203125
        ],
        "ProtocolName": "EcL4-3.2m-40-1474-1s-55e",
        "RepetitionTime": 1000.0,
        "SamplesPerPixel": 1,
        "ScanOptions": "FS",
        "ScanningSequence": "EP",
        "SequenceName": "epfid2d1_64",
        "SequenceVariant": [
          "SK",
          "SS"
        ],
        "SeriesDescription": "EcL4-3.2m-40-1474-1s-55e",
        "SoftwareVersions": "syngo MR B17",
        "StudyID": "1",
        "TransmitCoilName": "Body",
        "VariableFlipAngleFlag": "N",
        "WindowCenterWidthExplanation": "Algo1",
        "dBdt": 0.0
      },
      "slices": {}
    },
    "modality": "bold",
    "run_id": 2,
    "subject_id": "31",
    "task_id": "citizenfour"
  },
  "dummy_trs": 0,
  "dvars_nstd": 20.26113295972047,
  "dvars_std": 0.9726520749527569,
  "dvars_vstd": 0.9618813858937011,
  "efc": 0.5094589212672151,
  "fber": 24791.8046875,
  "fd_mean": 0.10876856211837016,
  "fd_num": 100,
  "fd_perc": 3.9354584809130264,
  "fwhm_avg": 3.2294965027591935,
  "fwhm_x": 3.051239024390244,
  "fwhm_y": 3.2637187814614808,
  "fwhm_z": 3.373531702425857,
  "gcor": 0.0485275,
  "gsr_x": -0.011047843843698502,
  "gsr_y": 0.04049389436841011,
  "provenance": {
    "md5sum": "44a27be831bfab53fe76f07429dcc991",
    "settings": {
      "fd_thres": 0.2,
      "testing": false
    },
    "software": "mriqc",
    "version": "21.0.0rc2",
    "webapi_port": null,
    "webapi_url": "https://mriqc.nimh.nih.gov/api/v1"
  },
  "size_t": 2541,
  "size_x": 64,
  "size_y": 64,
  "size_z": 40,
  "snr": 2.7203345248067228,
  "spacing_tr": 1.0,
  "spacing_x": 3.203125,
  "spacing_y": 3.203125238418579,
  "spacing_z": 3.1999995708465576,
  "summary_bg_k": 44.039890724904254,
  "summary_bg_mad": 2.811167787792973,
  "summary_bg_mean": 15.300907135009766,
  "summary_bg_median": 2.836284875869751,
  "summary_bg_n": 90051.0,
  "summary_bg_p05": 0.6385281383991241,
  "summary_bg_p95": 72.86894607543945,
  "summary_bg_stdv": 35.04829788208008,
  "summary_fg_k": 0.23029127946082495,
  "summary_fg_mad": 174.2495130042817,
  "summary_fg_mean": 484.1251220703125,
  "summary_fg_median": 461.94842529296875,
  "summary_fg_n": 38376.0,
  "summary_fg_p05": 250.283935546875,
  "summary_fg_p95": 795.4333801269531,
  "summary_fg_stdv": 169.81088256835938,
  "tsnr": 41.41098323836923
}