{
  "aor": 0.00037496095355528153,
  "aqi": 0.003573069683518291,
  "bids_meta": {
    "AcquisitionMatrixPE": 64,
    "AcquisitionNumber": 1,
    "AcquisitionTime": "11:11:11.000000",
    "BandwidthPerPixelPhaseEncode": 19.531,
    "BaseResolution": 64,
    "CogAtlasID": "http://www.cognitiveatlas.org/task/id/tsk_jbg1oF4D9OTkO/",
    "CoilString": "C:HEA;HEP",
    "ConversionSoftware": "dcm2niix",
    "ConversionSoftwareVersion": "v1.0.20190902",
    "DerivedVendorReportedEchoSpacing": 0.00080001,
    "DeviceSerialNumber": "26099",
    "DwellTime": 5.3e-06,
    "EchoTime": 0.0548,
    "EffectiveEchoSpacing": 0.00080001,
    "FlipAngle": 75,
    "ImageType": [
      "ORIGINAL",
      "PRIMARY",
      "M",
      "MB",
      "ND",
      "MOSAIC"
    ],
    "InstitutionAddress": "Bedford_Way_26_London_London_GB_WC1H_0AP",
    "InstitutionName": "University_College",
    "InstitutionalDepartmentName": "Department",
    "MRAcquisitionType": "2D",
    "MagneticFieldStrength": 1.5,
    "Manufacturer": "Siemens",
    "ManufacturersModelName": "Avanto",
    "Modality": "MR",
    "MultibandAccelerationFactor": 4,
    "PartialFourier": 1,
    "PatientPosition": "HFS",
    "PercentPhaseFOV": 100,
    "PhaseEncodingDirection": "j-",
    "PhaseEncodingSteps": 64,
    "PhaseResolution": 1,
    "ProcedureStepDescription": "ucl_bbk_Jeremy",
    "ProtocolName": "EcL4-3.2m-40-1474-1s-55e",
    "ReceiveCoilName": "32Ch_Head",
    "ReconMatrixPE": 64,
    "RepetitionTime": 1,
    "ScanningSequence": "EP",
    "SequenceName": "epfid2d1_64",
    "SequenceVariant": "SK_SS",
    "SeriesDescription": "EcL4-3.2m-40-1474-1s-55e",
    "ShimSetting": [
      113,
      -32,
      365,
      831,
      115,
      1102,
      -476,
      23
    ],
    "SliceThickness": 3.2,
    "SoftwareVersions": "syngo_MR_B17",
    "SpacingBetweenSlices": 3.2,
    "StationName": "MRC26099",
    "TaskName": "500daysofsummer",
    "dataset": "ds002837",
    "global": {
      "const": {
        "AcquisitionMatrix": [
          64,
          0,
          0,
          64
        ],
        "AngioFlag": "N",
        "EchoNumbers": 1,
        "EchoTime": 54.8,
        "EchoTrainLength": 1,
        "FlipAngle": 75.0,
        "ImageType": [
          "ORIGINAL",
          "PRIMARY",
          "M",
          "MB",
          "ND",
          "MOSAIC"
        ],
        "InPlanePhaseEncodingDirection": "COL",
        "MRAcquisitionType": "2D",
        "MagneticFieldStrength": 1.5,
        "Manufacturer": "SIEMENS",
        "ManufacturerModelName": "Avanto",
        "Modality": "MR",
        "NumberOfAverages": 1.0,
        "NumberOfPhaseEncodingSteps": 64,
        "PercentPhaseFieldOfView": 100.0,
        "PercentSampling": 100.0,
        "PhotometricInterpretation": "MONOCHROME2",
        "PixelSpacing": [
          3.203125,
          3.203125
        ],
        "ProtocolName": "EcL4-3.2m-40-1474-1s-55e",
        "RepetitionTime": 1000.0,
        "SamplesPerPixel": 1,
        "ScanOptions": "FS",
        "ScanningSequence": "EP",
        "SequenceName": "epfid2d1_64",
        "SequenceVariant": [
          "SK",
          "SS"
        ],
        "SeriesDescription": "EcL4-3.2m-40-1474-1s-55e",
        "SoftwareVersions": "syngo MR B17",
        "StudyID": "1",
        "TransmitCoilName": "Body",
        "VariableFlipAngleFlag": "N",
        "WindowCenterWidthExplanation": "Algo1",
        "dBdt": 0.0
      },
      "slices": {}
    },
    "modality": "bold",
    "run_id": 2,
    "subject_id": "24",
    "task_id": "citizenfour"
  },
  "dummy_trs": 0,
  "dvars_nstd": 21.627796257837165,
  "dvars_std": 1.043489652216284,
  "dvars_vstd": 0.9952663699876667,
  "efc": 0.5020112470962701,
  "fber": 18093.53515625,
  "fd_mean": 0.10795183559567238,
  "fd_num": 23,
  "fd_perc": 0.9453349773941636,
  "fwhm_avg": 2.9358984845695866,
  "fwhm_x": 2.709435317073171,
  "fwhm_y": 3.058607056929951,
  "fwhm_z": 3.0396530797056394,
  "gcor": 0.00582998,
  "gsr_x": 0.006083082873374224,
  "gsr_y": 0.03141963481903076,
  "provenance": {
    "md5sum": "43c703d308aa7842aaf3a7dad4c82c03",
    "settings": {
      "fd_thres": 0.2,
      "testing": false
    },
    "software": "mriqc",
    "version": "21.0.0rc2",
    "webapi_port": null,
    "webapi_url": "https://mriqc.nimh.nih.gov/api/v1"
  },
  "size_t": 2433,
  "size_x": 64,
  "size_y": 64,
  "size_z": 40,
  "snr": 3.1031548589721005,
  "spacing_tr": 1.0,
  "spacing_x": 3.203125,
  "spacing_y": 3.203124761581421,
  "spacing_z": 3.200000047683716,
  "summary_bg_k": 21.097065074430972,
  "summary_bg_mad": 3.357030559384195,
  "summary_bg_mean": 21.815811157226562,
  "summary_bg_median": 3.3279900550842285,
  "summary_bg_n": 95864.0,
  "summary_bg_p05": 0.765721321105957,
  "summary_bg_p95": 117.10906257629391,
  "summary_bg_stdv": 47.0343132019043,
  "summary_fg_k": -0.1452548456467957,
  "summary_fg_mad": 151.10629507293135,
  "summary_fg_mean": 471.1370544433594,
  "summary_fg_median": 455.0596008300781,
  "summary_fg_n": 32688.0,
  "summary_fg_p05": 260.1970489501953,
  "summary_fg_p95": 733.4967773437498,
  "summary_fg_stdv": 146.64193725585938,
  "tsnr": 51.44883822789416
}